GEM
  remote: https://rubygems.org/
  specs:
    benchmark-ips (2.7.2)
    pg (1.2.3)

PLATFORMS
  ruby

DEPENDENCIES
  benchmark-ips
  pg

BUNDLED WITH
   2.0.1
